GIT
  remote: https://github.com/njh/ruby-mqtt.git
  revision: bee5d3fa93103995ee5b3992eceb16246ef8dfb1
  specs:
    mqtt (0.5.0)

GEM
  remote: https://rubygems.org/
  specs:

PLATFORMS
  ruby

DEPENDENCIES
  mqtt!

BUNDLED WITH
   1.17.1
